GEM
  remote: https://rubygems.org/
  specs:
    byebug (11.0.1)
    diff-lcs (1.3)
    ox (2.12.0)
    rspec (3.9.0)
      rspec-core (~> 3.9.0)
      rspec-expectations (~> 3.9.0)
      rspec-mocks (~> 3.9.0)
    rspec-core (3.9.0)
      rspec-support (~> 3.9.0)
    rspec-expectations (3.9.0)
      diff-lcs (>= 1.2.0, < 2.0)
      rspec-support (~> 3.9.0)
    rspec-mocks (3.9.0)
      diff-lcs (>= 1.2.0, < 2.0)
      rspec-support (~> 3.9.0)
    rspec-support (3.9.0)
    thor (1.0.1)

PLATFORMS
  ruby

DEPENDENCIES
  byebug (~> 11.0, >= 11.0.1)
  ox (~> 2.12)
  rspec (~> 3.9)
  thor (~> 1.0, >= 1.0.1)

RUBY VERSION
   ruby 2.6.5p114

BUNDLED WITH
   2.1.2
